GEM
  remote: https://rubygems.org/
  specs:
    actionmailer (2.3.18)
      actionpack (= 2.3.18)
    actionpack (2.3.18)
      activesupport (= 2.3.18)
      rack (~> 1.1.0)
    activerecord (2.3.18)
      activesupport (= 2.3.18)
    activeresource (2.3.18)
      activesupport (= 2.3.18)
    activesupport (2.3.18)
    calendar_date_select (1.16.4)
    contacts (1.2.4)
      gdata (= 1.1.1)
      json (>= 0.4.1)
    gdata (1.1.1)
    geoip (1.6.3)
    geokit (1.9.0)
      multi_json (>= 1.3.2)
    hpricot (0.8.6)
    icalendar (1.4.3)
    json (1.8.6)
    multi_json (1.12.2)
    openrain-action_mailer_tls (1.1.3)
    passenger (5.1.11)
      rack
      rake (>= 0.8.1)
    rack (1.1.6)
    rails (2.3.18)
      actionmailer (= 2.3.18)
      actionpack (= 2.3.18)
      activerecord (= 2.3.18)
      activeresource (= 2.3.18)
      activesupport (= 2.3.18)
      rake (>= 0.8.3)
    rake (10.5.0)
    sqlite3 (1.3.13)
    ym4r (0.6.1)

PLATFORMS
  ruby

DEPENDENCIES
  calendar_date_select
  contacts
  geoip
  geokit
  hpricot
  icalendar (= 1.4.3)
  openrain-action_mailer_tls
  passenger
  rails (= 2.3.18)
  sqlite3
  ym4r

RUBY VERSION
   ruby 1.8.7p374

BUNDLED WITH
   1.16.0
